GEM
  remote: https://rubygems.org/
  specs:
    diff-lcs (1.3)
    prettier (0.16.0)
    rspec (3.9.0)
      rspec-core (~> 3.9.0)
      rspec-expectations (~> 3.9.0)
      rspec-mocks (~> 3.9.0)
    rspec-core (3.9.0)
      rspec-support (~> 3.9.0)
    rspec-expectations (3.9.0)
      diff-lcs (>= 1.2.0, < 2.0)
      rspec-support (~> 3.9.0)
    rspec-mocks (3.9.0)
      diff-lcs (>= 1.2.0, < 2.0)
      rspec-support (~> 3.9.0)
    rspec-support (3.9.0)

PLATFORMS
  ruby

DEPENDENCIES
  prettier (~> 0.16.0)!
  rspec (~> 3.0)!

RUBY VERSION
   ruby 2.6.4p104

BUNDLED WITH
   2.0.2
