GEM
  remote: https://rubygems.org/
  specs:
    diff-lcs (1.3)
    jwt (2.2.1)
    macaddr (1.7.2)
      systemu (~> 2.6.5)
    prettier (0.16.0)
    rspec (3.9.0)
      rspec-core (~> 3.9.0)
      rspec-expectations (~> 3.9.0)
      rspec-mocks (~> 3.9.0)
    rspec-core (3.9.0)
      rspec-support (~> 3.9.0)
    rspec-expectations (3.9.0)
      diff-lcs (>= 1.2.0, < 2.0)
      rspec-support (~> 3.9.0)
    rspec-mocks (3.9.0)
      diff-lcs (>= 1.2.0, < 2.0)
      rspec-support (~> 3.9.0)
    rspec-support (3.9.0)
    systemu (2.6.5)
    uuid (2.3.9)
      macaddr (~> 1.0)

PLATFORMS
  ruby

DEPENDENCIES
  jwt (~> 2.2)!
  prettier (~> 0.16.0)!
  rspec (~> 3.0)!
  uuid (~> 2.3)

RUBY VERSION
   ruby 2.6.4p104

BUNDLED WITH
   2.0.2
